GEM
  remote: https://rubygems.org/
  specs:
    async_sinatra (1.3.0)
      rack (>= 2.0.0)
      sinatra (>= 1.4.8)
    byebug (11.1.3)
    coderay (1.1.3)
    concurrent-ruby (1.1.6)
    daemons (1.4.1)
    declarative (0.0.20)
    declarative-option (0.1.0)
    dry-configurable (0.11.6)
      concurrent-ruby (~> 1.0)
      dry-core (~> 0.4, >= 0.4.7)
      dry-equalizer (~> 0.2)
    dry-container (0.7.2)
      concurrent-ruby (~> 1.0)
      dry-configurable (~> 0.1, >= 0.1.3)
    dry-core (0.4.9)
      concurrent-ruby (~> 1.0)
    dry-equalizer (0.3.0)
    dry-inflector (0.2.0)
    dry-logic (1.0.6)
      concurrent-ruby (~> 1.0)
      dry-core (~> 0.2)
      dry-equalizer (~> 0.2)
    dry-struct (1.3.0)
      dry-core (~> 0.4, >= 0.4.4)
      dry-equalizer (~> 0.3)
      dry-types (~> 1.3)
      ice_nine (~> 0.11)
    dry-types (1.4.0)
      concurrent-ruby (~> 1.0)
      dry-container (~> 0.3)
      dry-core (~> 0.4, >= 0.4.4)
      dry-equalizer (~> 0.3)
      dry-inflector (~> 0.1, >= 0.1.2)
      dry-logic (~> 1.0, >= 1.0.2)
    ethon (0.12.0)
      ffi (>= 1.3.0)
    eventmachine (1.2.7)
    ffi (1.13.1)
    hashie (5.0.0)
    hirb (0.7.3)
    ice_nine (0.11.2)
    io-console (0.5.6)
    irb (1.2.4)
      reline (>= 0.0.1)
    method_source (1.0.0)
    multi_json (1.15.0)
    mustermann (3.0.0)
      ruby2_keywords (~> 0.0.1)
    oauth (0.5.4)
    omniauth (2.1.1)
      hashie (>= 3.4.6)
      rack (>= 2.2.3)
      rack-protection
    omniauth-oauth (1.2.0)
      oauth
      omniauth (>= 1.0, < 3)
    pry (0.13.1)
      coderay (~> 1.1)
      method_source (~> 1.0)
    rack (2.2.6.2)
    rack-protection (3.0.5)
      rack
    rake (13.0.1)
    reline (0.1.4)
      io-console (~> 0.5)
    representable (3.0.4)
      declarative (< 0.1.0)
      declarative-option (< 0.2.0)
      uber (< 0.2.0)
    ruby-prof (1.4.1)
    ruby2_keywords (0.0.5)
    sinatra (3.0.5)
      mustermann (~> 3.0)
      rack (~> 2.2, >= 2.2.4)
      rack-protection (= 3.0.5)
      tilt (~> 2.0)
    sinatra-contrib (3.0.5)
      multi_json
      mustermann (~> 3.0)
      rack-protection (= 3.0.5)
      sinatra (= 3.0.5)
      tilt (~> 2.0)
    sinatra-reloader (1.0)
      sinatra-contrib
    thin (1.8.1)
      daemons (~> 1.0, >= 1.0.9)
      eventmachine (~> 1.0, >= 1.0.4)
      rack (>= 1, < 3)
    tilt (2.1.0)
    trailblazer-activity (0.11.0)
      trailblazer-context (>= 0.3.0, < 0.4.0)
    trailblazer-activity-dsl-linear (0.2.9)
      trailblazer-activity (>= 0.9.1, < 1.0.0)
    trailblazer-context (0.3.0)
    trailblazer-developer (0.0.15)
      hirb
      representable
      trailblazer-activity (>= 0.11.0, < 1.0.0)
      trailblazer-activity-dsl-linear
    trailblazer-macro (2.1.3)
      trailblazer-activity (>= 0.10.0, < 1.0.0)
      trailblazer-activity-dsl-linear (>= 0.2.7, < 1.0.0)
      trailblazer-operation (>= 0.6.2)
    trailblazer-operation (0.6.2)
      trailblazer-activity (>= 0.10.0, < 1.0.0)
      trailblazer-activity-dsl-linear (>= 0.2.6, < 1.0.0)
      trailblazer-developer (>= 0.0.8)
    typhoeus (1.4.0)
      ethon (>= 0.9.0)
    uber (0.1.0)

PLATFORMS
  ruby

DEPENDENCIES
  async_sinatra
  byebug
  dry-struct
  dry-types
  irb
  oauth
  omniauth
  omniauth-oauth
  pry
  rake (>= 12.3.3)
  ruby-prof
  sinatra
  sinatra-reloader
  thin
  trailblazer-activity
  trailblazer-activity-dsl-linear
  trailblazer-context
  trailblazer-developer
  trailblazer-macro
  trailblazer-operation
  typhoeus

BUNDLED WITH
   1.17.2
